PATH
  remote: .
  specs:
    backup-sidecar (0.1.0)
      awesome_print
      ougai (~> 1.7)
      thor (~> 0.20.0)

GEM
  remote: https://rubygems.org/
  specs:
    awesome_print (1.8.0)
    oj (3.7.9)
    ougai (1.7.1)
      oj (~> 3.4)
    thor (0.20.3)

PLATFORMS
  ruby

DEPENDENCIES
  backup-sidecar!

BUNDLED WITH
   2.0.1
